GIT
  remote: https://github.com/Sutto/barista.git
  revision: eeba1e32d169e4cf7a97cc8936e1f7afb3b3b149
  ref: eeba1e32d1
  specs:
    barista (1.2.1)
      coffee-script (~> 2.2)

PATH
  remote: vendor/github_gems/notahat-machinist-1.0.3
  specs:
    machinist (1.0.3)

GEM
  remote: https://rubygems.org/
  specs:
    POpen4 (0.1.4)
      Platform (>= 0.4.0)
      open4
    Platform (0.4.0)
    abstract (1.0.0)
    actionmailer (3.0.20)
      actionpack (= 3.0.20)
      mail (~> 2.2.19)
    actionpack (3.0.20)
      activemodel (= 3.0.20)
      activesupport (= 3.0.20)
      builder (~> 2.1.2)
      erubis (~> 2.6.6)
      i18n (~> 0.5.0)
      rack (~> 1.2.5)
      rack-mount (~> 0.6.14)
      rack-test (~> 0.5.7)
      tzinfo (~> 0.3.23)
    activemodel (3.0.20)
      activesupport (= 3.0.20)
      builder (~> 2.1.2)
      i18n (~> 0.5.0)
    activerecord (3.0.20)
      activemodel (= 3.0.20)
      activesupport (= 3.0.20)
      arel (~> 2.0.10)
      tzinfo (~> 0.3.23)
    activerecord-mysql2-adapter (0.0.3)
      mysql2
    activeresource (3.0.20)
      activemodel (= 3.0.20)
      activesupport (= 3.0.20)
    activesupport (3.0.20)
    addressable (2.3.3)
    arel (2.0.10)
    builder (2.1.2)
    climate_control (0.0.3)
      activesupport (>= 3.0)
    cocaine (0.5.1)
      climate_control (>= 0.0.3, < 1.0)
    coffee-script (2.2.0)
      coffee-script-source
      execjs
    coffee-script-source (1.4.0)
    columnize (0.3.6)
    cucumber (1.2.1)
      builder (>= 2.1.2)
      diff-lcs (>= 1.1.3)
      gherkin (~> 2.11.0)
      json (>= 1.4.6)
    cucumber-rails (0.3.2)
      cucumber (>= 0.8.0)
    daemons (1.0.10)
    database_cleaner (0.2.3)
    debugger (1.3.1)
      columnize (>= 0.3.1)
      debugger-linecache (~> 1.1.1)
      debugger-ruby_core_source (~> 1.1.8)
    debugger-linecache (1.1.2)
      debugger-ruby_core_source (>= 1.1.1)
    debugger-ruby_core_source (1.1.8)
    delayed_job (2.0.3)
      daemons
    diff-lcs (1.2.1)
    erubis (2.6.6)
      abstract (>= 1.0.0)
    execjs (1.2.6)
      multi_json (~> 1.0)
    faker (0.3.1)
    gherkin (2.11.6)
      json (>= 1.7.6)
    i18n (0.5.0)
    jammit (0.6.5)
      yui-compressor (>= 0.9.3)
    json (1.7.7)
    launchy (2.2.0)
      addressable (~> 2.3)
    libv8 (3.11.8.13)
    mail (2.2.19)
      activesupport (>= 2.3.6)
      i18n (>= 0.4.0)
      mime-types (~> 1.16)
      treetop (~> 1.4.8)
    mime-types (1.21)
    multi_json (1.6.1)
    mysql2 (0.3.11)
    nokogiri (1.5.6)
    open4 (1.3.0)
    paperclip (3.4.1)
      activemodel (>= 3.0.0)
      activerecord (>= 3.0.0)
      activesupport (>= 3.0.0)
      cocaine (~> 0.5.0)
      mime-types
    polyglot (0.3.3)
    rack (1.2.8)
    rack-mount (0.6.14)
      rack (>= 1.0.0)
    rack-test (0.5.7)
      rack (>= 1.0)
    rails (3.0.20)
      actionmailer (= 3.0.20)
      actionpack (= 3.0.20)
      activerecord (= 3.0.20)
      activeresource (= 3.0.20)
      activesupport (= 3.0.20)
      bundler (~> 1.0)
      railties (= 3.0.20)
    railties (3.0.20)
      actionpack (= 3.0.20)
      activesupport (= 3.0.20)
      rake (>= 0.8.7)
      rdoc (~> 3.4)
      thor (~> 0.14.4)
    rake (0.9.2)
    rdoc (3.12.1)
      json (~> 1.4)
    ref (1.0.2)
    rspec (1.3.2)
    rspec-rails (1.3.4)
      rack (>= 1.0.0)
      rspec (~> 1.3.1)
    therubyracer (0.11.3)
      libv8 (~> 3.11.8.12)
      ref
    thor (0.14.6)
    treetop (1.4.12)
      polyglot
      polyglot (>= 0.3.1)
    tzinfo (0.3.35)
    webrat (0.5.3)
      nokogiri (>= 1.2.0)
      rack (>= 1.0)
    will_paginate (2.3.16)
    yui-compressor (0.9.6)
      POpen4 (>= 0.1.4)

PLATFORMS
  ruby

DEPENDENCIES
  activerecord-mysql2-adapter
  barista!
  cucumber-rails (~> 0.3.2)
  daemons (= 1.0.10)
  database_cleaner (~> 0.2.3)
  debugger
  delayed_job (= 2.0.3)
  execjs (<= 1.2.6)
  faker (= 0.3.1)
  jammit
  launchy
  machinist (= 1.0.3)!
  mysql2
  paperclip (~> 3.0)
  rails (= 3.0.20)
  rake (= 0.9.2)
  rspec-rails (~> 1.3.3)
  therubyracer
  webrat (= 0.5.3)
  will_paginate (~> 2.3.0)
